GEM
  remote: https://rubygems.org/
  specs:
    haml (4.0.5)
      tilt
    mini_portile (0.6.0)
    nokogiri (1.6.3.1)
      mini_portile (= 0.6.0)
    rack (1.5.2)
    rack-protection (1.5.3)
      rack
    sass (3.4.6)
    sinatra (1.4.5)
      rack (~> 1.4)
      rack-protection (~> 1.4)
      tilt (~> 1.3, >= 1.3.4)
    sqlite3 (1.3.9)
    tilt (1.4.1)

PLATFORMS
  ruby

DEPENDENCIES
  haml
  nokogiri
  sass
  sinatra
  sqlite3
